GEM
  remote: https://rubygems.org/
  specs:
    addressable (2.3.6)
    celluloid (0.15.2)
      timers (~> 1.1.0)
    coderay (1.1.0)
    crack (0.4.2)
      safe_yaml (~> 1.0.0)
    diff-lcs (1.2.5)
    dotenv (0.11.1)
      dotenv-deployment (~> 0.0.2)
    dotenv-deployment (0.0.2)
    faraday (0.9.1)
      multipart-post (>= 1.2, < 3)
    ffi (1.9.3)
    foreman (0.74.0)
      dotenv (~> 0.11.1)
      thor (~> 0.19.1)
    git (1.2.7)
    json (1.7.7)
    kgio (2.9.2)
    listen (2.7.9)
      celluloid (>= 0.15.2)
      rb-fsevent (>= 0.9.3)
      rb-inotify (>= 0.9)
    method_source (0.8.2)
    mono_logger (1.1.0)
    multi_json (1.10.1)
    multipart-post (2.0.0)
    octokit (3.7.0)
      sawyer (~> 0.6.0, >= 0.5.3)
    pry (0.10.0)
      coderay (~> 1.1.0)
      method_source (~> 0.8.1)
      slop (~> 3.4)
    rack (1.5.2)
    rack-protection (1.5.3)
      rack
    rack-test (0.6.3)
      rack (>= 1.0)
    raindrops (0.13.0)
    rake (10.3.2)
    rb-fsevent (0.9.4)
    rb-inotify (0.9.5)
      ffi (>= 0.5.0)
    redis (3.1.0)
    redis-namespace (1.5.0)
      redis (~> 3.0, >= 3.0.4)
    rerun (0.10.0)
      listen (~> 2.7, >= 2.7.3)
    resque (1.25.2)
      mono_logger (~> 1.0)
      multi_json (~> 1.0)
      redis-namespace (~> 1.3)
      sinatra (>= 0.9.2)
      vegas (~> 0.1.2)
    resque_spec (0.16.0)
      resque (>= 1.19.0)
      rspec-core (>= 3.0.0)
      rspec-expectations (>= 3.0.0)
      rspec-mocks (>= 3.0.0)
    rspec (3.1.0)
      rspec-core (~> 3.1.0)
      rspec-expectations (~> 3.1.0)
      rspec-mocks (~> 3.1.0)
    rspec-core (3.1.7)
      rspec-support (~> 3.1.0)
    rspec-expectations (3.1.2)
      diff-lcs (>= 1.2.0, < 2.0)
      rspec-support (~> 3.1.0)
    rspec-mocks (3.1.3)
      rspec-support (~> 3.1.0)
    rspec-support (3.1.2)
    safe_yaml (1.0.4)
    sawyer (0.6.0)
      addressable (~> 2.3.5)
      faraday (~> 0.8, < 0.10)
    sinatra (1.4.2)
      rack (~> 1.5, >= 1.5.2)
      rack-protection (~> 1.4)
      tilt (~> 1.3, >= 1.3.4)
    slop (3.5.0)
    thor (0.19.1)
    tilt (1.4.1)
    timers (1.1.0)
    unicorn (4.8.3)
      kgio (~> 2.6)
      rack
      raindrops (~> 0.7)
    vegas (0.1.11)
      rack (>= 1.0.0)
    webmock (1.20.4)
      addressable (>= 2.3.6)
      crack (>= 0.3.2)

PLATFORMS
  ruby

DEPENDENCIES
  dotenv (~> 0.11)
  foreman (~> 0.71)
  git (~> 1.2.6)
  json (~> 1.7.7)
  octokit (~> 3.0)
  pry
  rack-test (~> 0.6)
  rake
  rerun (~> 0.10)
  resque (~> 1.25)
  resque_spec (~> 0.16.0)
  rspec (~> 3.1)
  sinatra (= 1.4.2)
  unicorn (~> 4.8)
  webmock (~> 1.2)
